GEM
  remote: https://rubygems.org/
  specs:
    byebug (11.1.3)
    date (3.3.3)
    dotenv (2.8.1)
    mail (2.8.1)
      mini_mime (>= 0.1.1)
      net-imap
      net-pop
      net-smtp
    mini_mime (1.1.5)
    net-imap (0.3.7)
      date
      net-protocol
    net-pop (0.1.2)
      net-protocol
    net-protocol (0.2.1)
      timeout
    net-smtp (0.3.3)
      net-protocol
    nokogiri (1.15.4-arm64-darwin)
      racc (~> 1.4)
    nokogiri (1.15.4-x86_64-linux)
      racc (~> 1.4)
    open-uri (0.3.0)
      stringio
      time
      uri
    racc (1.7.1)
    stringio (3.0.8)
    time (0.2.2)
      date
    timeout (0.4.0)
    uri (0.12.2)

PLATFORMS
  arm64-darwin-21
  arm64-darwin-22
  x86_64-linux

DEPENDENCIES
  byebug
  dotenv (~> 2.8.1)
  mail (~> 2.8.1)
  net-smtp (~> 0.3.1)
  nokogiri (~> 1.15.4)
  open-uri (~> 0.3.0)

RUBY VERSION
   ruby 3.2.2p53

BUNDLED WITH
   2.4.19
