GEM
  remote: https://rubygems.org/
  specs:
    date (3.2.2)
    digest (3.1.0)
    dotenv (2.7.6)
    mail (2.7.1)
      mini_mime (>= 0.1.1)
    mini_mime (1.1.2)
    net-protocol (0.1.3)
      timeout
    net-smtp (0.3.1)
      digest
      net-protocol
      timeout
    nokogiri (1.13.6-x86_64-linux)
      racc (~> 1.4)
    open-uri (0.2.0)
      stringio
      time
      uri
    racc (1.6.0)
    stringio (3.0.2)
    time (0.2.0)
      date
    timeout (0.2.0)
    uri (0.11.0)

PLATFORMS
  x86_64-linux

DEPENDENCIES
  dotenv (~> 2.7.6)
  mail (~> 2.7.1)
  net-smtp (~> 0.3.1)
  nokogiri (~> 1.13.6)
  open-uri (~> 0.2.0)

BUNDLED WITH
   2.3.13
